GEM
  remote: https://rubygems.org/
  specs:
    abstract (1.0.0)
    addressable (2.4.0)
    deep_merge (1.1.1)
    domain_name (0.5.20160826)
      unf (>= 0.0.5, < 1.0.0)
    http-cookie (1.0.3)
      domain_name (~> 0.5)
    mime-types (3.1)
      mime-types-data (~> 3.2015)
    mime-types-data (3.2016.0521)
    mini_portile2 (2.1.0)
    netrc (0.11.0)
    nokogiri (1.6.8.1)
      mini_portile2 (~> 2.1.0)
    rest-client (2.0.0)
      http-cookie (>= 1.0.2, < 2.0)
      mime-types (>= 1.16, < 4.0)
      netrc (~> 0.8)
    unf (0.1.4)
      unf_ext
    unf_ext (0.0.7.2)

PLATFORMS
  ruby

DEPENDENCIES
  abstract (~> 1.0.0)
  addressable (~> 2.4.0)
  deep_merge (~> 1.1.1)
  nokogiri (~> 1.6.8)
  rest-client (~> 2.0.0)

RUBY VERSION
   ruby 2.3.1p112

BUNDLED WITH
   1.13.5
